GEM
  remote: http://rubygems.org/
  specs:
    addressable (2.2.8)
    diff-lcs (1.1.3)
    excon (0.14.2)
    heroku (2.28.7)
      heroku-api (~> 0.2.6)
      launchy (>= 0.3.2)
      netrc (~> 0.7.5)
      rest-client (~> 1.6.1)
      rubyzip
    heroku-api (0.2.6)
      excon (~> 0.14.0)
    launchy (2.1.0)
      addressable (~> 2.2.6)
    mime-types (1.19)
    netrc (0.7.5)
    rack (1.4.1)
    rack-protection (1.2.0)
      rack
    rest-client (1.6.7)
      mime-types (>= 1.16)
    rspec (2.10.0)
      rspec-core (~> 2.10.0)
      rspec-expectations (~> 2.10.0)
      rspec-mocks (~> 2.10.0)
    rspec-core (2.10.1)
    rspec-expectations (2.10.0)
      diff-lcs (~> 1.1.3)
    rspec-mocks (2.10.1)
    rubyzip (0.9.9)
    sinatra (1.3.2)
      rack (~> 1.3, >= 1.3.6)
      rack-protection (~> 1.2)
      tilt (~> 1.3, >= 1.3.3)
    tilt (1.3.3)

PLATFORMS
  ruby

DEPENDENCIES
  heroku
  rspec
  sinatra
